GEM
  remote: https://rubygems.org/
  specs:
    artii (2.1.2)
    coderay (1.1.2)
    colorize (0.8.1)
    method_source (0.9.2)
    pry (0.12.2)
      coderay (~> 1.1.0)
      method_source (~> 0.9.0)

PLATFORMS
<<<<<<< HEAD
<<<<<<< HEAD
=======
  ruby
>>>>>>> new method
  x64-mingw32

DEPENDENCIES
  artii
=======
  ruby

DEPENDENCIES
  artii
  colorize
>>>>>>> added comment
  pry

BUNDLED WITH
   2.0.1
